GEM
  remote: https://rubygems.org/
  specs:
    cuba (3.1.0)
      rack
    freeling-analyzer (0.1.1)
      hashie (~> 2.0.5)
    hashie (2.0.5)
    rack (1.5.2)

PLATFORMS
  ruby

DEPENDENCIES
  cuba
  freeling-analyzer
